GIT
  remote: https://github.com/work-design/rails_design.git
  revision: c5a97ad0e70f7e9f0c136eb13198b5e0b3c99a90
  specs:
    rails_design (0.0.1)
      rails

PATH
  remote: .
  specs:
    rails_com (1.3.0)
      acme-client
      closure_tree (>= 7.3)
      default_where (~> 2.2)
      http-form_data (~> 2.3)
      httpx
      kaminari
      money-rails (~> 1.15)
      mutex_m
      net-http
      net-pop
      ostruct
      positioning
      rails
      reline
      solid_cache
      solid_queue
      turbo-rails

GEM
  remote: https://rubygems.org/
  specs:
    acme-client (2.0.19)
      base64 (~> 0.2.0)
      faraday (>= 1.0, < 3.0.0)
      faraday-retry (>= 1.0, < 3.0.0)
    actioncable (7.2.1.1)
      actionpack (= 7.2.1.1)
      activesupport (= 7.2.1.1)
      nio4r (~> 2.0)
      websocket-driver (>= 0.6.1)
      zeitwerk (~> 2.6)
    actionmailbox (7.2.1.1)
      actionpack (= 7.2.1.1)
      activejob (= 7.2.1.1)
      activerecord (= 7.2.1.1)
      activestorage (= 7.2.1.1)
      activesupport (= 7.2.1.1)
      mail (>= 2.8.0)
    actionmailer (7.2.1.1)
      actionpack (= 7.2.1.1)
      actionview (= 7.2.1.1)
      activejob (= 7.2.1.1)
      activesupport (= 7.2.1.1)
      mail (>= 2.8.0)
      rails-dom-testing (~> 2.2)
    actionpack (7.2.1.1)
      actionview (= 7.2.1.1)
      activesupport (= 7.2.1.1)
      nokogiri (>= 1.8.5)
      racc
      rack (>= 2.2.4, < 3.2)
      rack-session (>= 1.0.1)
      rack-test (>= 0.6.3)
      rails-dom-testing (~> 2.2)
      rails-html-sanitizer (~> 1.6)
      useragent (~> 0.16)
    actiontext (7.2.1.1)
      actionpack (= 7.2.1.1)
      activerecord (= 7.2.1.1)
      activestorage (= 7.2.1.1)
      activesupport (= 7.2.1.1)
      globalid (>= 0.6.0)
      nokogiri (>= 1.8.5)
    actionview (7.2.1.1)
      activesupport (= 7.2.1.1)
      builder (~> 3.1)
      erubi (~> 1.11)
      rails-dom-testing (~> 2.2)
      rails-html-sanitizer (~> 1.6)
    activejob (7.2.1.1)
      activesupport (= 7.2.1.1)
      globalid (>= 0.3.6)
    activemodel (7.2.1.1)
      activesupport (= 7.2.1.1)
    activerecord (7.2.1.1)
      activemodel (= 7.2.1.1)
      activesupport (= 7.2.1.1)
      timeout (>= 0.4.0)
    activestorage (7.2.1.1)
      actionpack (= 7.2.1.1)
      activejob (= 7.2.1.1)
      activerecord (= 7.2.1.1)
      activesupport (= 7.2.1.1)
      marcel (~> 1.0)
    activesupport (7.2.1.1)
      base64
      bigdecimal
      concurrent-ruby (~> 1.0, >= 1.3.1)
      connection_pool (>= 2.2.5)
      drb
      i18n (>= 1.6, < 2)
      logger (>= 1.4.2)
      minitest (>= 5.1)
      securerandom (>= 0.3)
      tzinfo (~> 2.0, >= 2.0.5)
    amazing_print (1.6.0)
    base64 (0.2.0)
    bigdecimal (3.1.8)
    builder (3.3.0)
    closure_tree (7.4.0)
      activerecord (>= 4.2.10)
      with_advisory_lock (>= 4.0.0)
    concurrent-ruby (1.3.4)
    connection_pool (2.4.1)
    crass (1.0.6)
    date (3.3.4)
    debug (1.9.2)
      irb (~> 1.10)
      reline (>= 0.3.8)
    default_where (2.2.0)
      activerecord (>= 4.0.0)
    drb (2.2.1)
    erubi (1.13.0)
    et-orbi (1.2.11)
      tzinfo
    faraday (2.12.0)
      faraday-net_http (>= 2.0, < 3.4)
      json
      logger
    faraday-net_http (3.3.0)
      net-http
    faraday-retry (2.2.1)
      faraday (~> 2.0)
    ffi (1.17.0-arm64-darwin)
    fugit (1.11.1)
      et-orbi (~> 1, >= 1.2.11)
      raabro (~> 1.4)
    globalid (1.2.1)
      activesupport (>= 6.1)
    http-2 (1.0.1)
    http-form_data (2.3.0)
    httpx (1.3.1)
      http-2 (>= 1.0.0)
    i18n (1.14.6)
      concurrent-ruby (~> 1.0)
    image_processing (1.13.0)
      mini_magick (>= 4.9.5, < 5)
      ruby-vips (>= 2.0.17, < 3)
    io-console (0.7.2)
    irb (1.14.1)
      rdoc (>= 4.0.0)
      reline (>= 0.4.2)
    json (2.7.2)
    kaminari (1.2.2)
      activesupport (>= 4.1.0)
      kaminari-actionview (= 1.2.2)
      kaminari-activerecord (= 1.2.2)
      kaminari-core (= 1.2.2)
    kaminari-actionview (1.2.2)
      actionview
      kaminari-core (= 1.2.2)
    kaminari-activerecord (1.2.2)
      activerecord
      kaminari-core (= 1.2.2)
    kaminari-core (1.2.2)
    listen (3.9.0)
      rb-fsevent (~> 0.10, >= 0.10.3)
      rb-inotify (~> 0.9, >= 0.9.10)
    logger (1.6.1)
    loofah (2.22.0)
      crass (~> 1.0.2)
      nokogiri (>= 1.12.0)
    mail (2.8.1)
      mini_mime (>= 0.1.1)
      net-imap
      net-pop
      net-smtp
    marcel (1.0.4)
    mini_magick (4.13.2)
    mini_mime (1.1.5)
    minitest (5.25.1)
    minitest-hooks (1.5.2)
      minitest (> 5.3)
    monetize (1.13.0)
      money (~> 6.12)
    money (6.19.0)
      i18n (>= 0.6.4, <= 2)
    money-rails (1.15.0)
      activesupport (>= 3.0)
      monetize (~> 1.9)
      money (~> 6.13)
      railties (>= 3.0)
    mutex_m (0.2.0)
    net-http (0.4.1)
      uri
    net-imap (0.5.0)
      date
      net-protocol
    net-pop (0.1.2)
      net-protocol
    net-protocol (0.2.2)
      timeout
    net-smtp (0.5.0)
      net-protocol
    nio4r (2.7.3)
    nokogiri (1.16.7-arm64-darwin)
      racc (~> 1.4)
    ostruct (0.6.0)
    pg (1.5.8)
    positioning (0.3.0)
      activerecord (>= 6.1)
      activesupport (>= 6.1)
    propshaft (1.1.0)
      actionpack (>= 7.0.0)
      activesupport (>= 7.0.0)
      rack
      railties (>= 7.0.0)
    psych (5.1.2)
      stringio
    puma (6.4.3)
      nio4r (~> 2.0)
    raabro (1.4.0)
    racc (1.8.1)
    rack (3.1.8)
    rack-session (2.0.0)
      rack (>= 3.0.0)
    rack-test (2.1.0)
      rack (>= 1.3)
    rackup (2.1.0)
      rack (>= 3)
      webrick (~> 1.8)
    rails (7.2.1.1)
      actioncable (= 7.2.1.1)
      actionmailbox (= 7.2.1.1)
      actionmailer (= 7.2.1.1)
      actionpack (= 7.2.1.1)
      actiontext (= 7.2.1.1)
      actionview (= 7.2.1.1)
      activejob (= 7.2.1.1)
      activemodel (= 7.2.1.1)
      activerecord (= 7.2.1.1)
      activestorage (= 7.2.1.1)
      activesupport (= 7.2.1.1)
      bundler (>= 1.15.0)
      railties (= 7.2.1.1)
    rails-dom-testing (2.2.0)
      activesupport (>= 5.0.0)
      minitest
      nokogiri (>= 1.6)
    rails-html-sanitizer (1.6.0)
      loofah (~> 2.21)
      nokogiri (~> 1.14)
    railties (7.2.1.1)
      actionpack (= 7.2.1.1)
      activesupport (= 7.2.1.1)
      irb (~> 1.13)
      rackup (>= 1.0.0)
      rake (>= 12.2)
      thor (~> 1.0, >= 1.2.2)
      zeitwerk (~> 2.6)
    rake (13.2.1)
    rb-fsevent (0.11.2)
    rb-inotify (0.11.1)
      ffi (~> 1.0)
    rdoc (6.7.0)
      psych (>= 4.0.0)
    reline (0.5.10)
      io-console (~> 0.5)
    ruby-vips (2.2.2)
      ffi (~> 1.12)
      logger
    sdoc (2.6.1)
      rdoc (>= 5.0)
    securerandom (0.3.1)
    solid_cache (1.0.6)
      activejob (>= 7.2)
      activerecord (>= 7.2)
      railties (>= 7.2)
    solid_queue (1.0.0)
      activejob (>= 7.1)
      activerecord (>= 7.1)
      concurrent-ruby (>= 1.3.1)
      fugit (~> 1.11.0)
      railties (>= 7.1)
      thor (~> 1.3.1)
    stringio (3.1.1)
    thor (1.3.2)
    timeout (0.4.1)
    turbo-rails (2.0.11)
      actionpack (>= 6.0.0)
      railties (>= 6.0.0)
    tzinfo (2.0.6)
      concurrent-ruby (~> 1.0)
    uri (0.13.1)
    useragent (0.16.10)
    webrick (1.8.2)
    websocket-driver (0.7.6)
      websocket-extensions (>= 0.1.0)
    websocket-extensions (0.1.5)
    with_advisory_lock (5.1.0)
      activerecord (>= 6.1)
      zeitwerk (>= 2.6)
    zeitwerk (2.7.0)

PLATFORMS
  arm64-darwin-22
  arm64-darwin-23

DEPENDENCIES
  amazing_print
  debug
  image_processing
  listen
  minitest-hooks
  pg
  propshaft
  puma
  rails
  rails_com!
  rails_design!
  sdoc

CHECKSUMS
  acme-client (2.0.19) sha256=29647ab04cde309503cf553d3f9d0a25dcca6588caca57f55f12d6c8833244f8
  actioncable (7.2.1.1) sha256=56a57b5a3615cabe754d6cf6ad4ab7a2aa10209638a94b56598311c411869980
  actionmailbox (7.2.1.1) sha256=839f3b406f049a9dafd8e00695282025e2e1d9d7caafc852fd6156609d262346
  actionmailer (7.2.1.1) sha256=95aeb7eb76dc0a90917c7a3a7ad3e01464a43bf81d6c51022045ae4c7fdc627b
  actionpack (7.2.1.1) sha256=a7c1654012de62713252459eb15f3918f7aa119d906a15f74e76a0ed4e8e5bc7
  actiontext (7.2.1.1) sha256=66675be781ea2a75c1958698c4083742608696e1116a9935602a6caba90305d5
  actionview (7.2.1.1) sha256=a0136e499a54eb394d97a9fc6960a2b2920ddd55911f94b09cbe7b9295cd90c9
  activejob (7.2.1.1) sha256=27cd7e7c52a1355d90761212b32614249a0ea0164bccec1fb5a15ef26e47da28
  activemodel (7.2.1.1) sha256=315d5d2e3d3a5f850a9bea0a69d175bdbf3c5a06a98014006dde73dc83dc4603
  activerecord (7.2.1.1) sha256=c124a4e4ddfa93e7f198bfdb464dcb8cc5908c89e9c22ec4248ec52ce719aa6b
  activestorage (7.2.1.1) sha256=f699a54809413424c7aafcb7a0fa4a2ea56366e0e92603bc80d51168d5ac6bbb
  activesupport (7.2.1.1) sha256=bd4c1b0e5f758c8ccd16250f43b32925e33521e3c0d77c1574588f0d02f83bb2
  amazing_print (1.6.0) sha256=9903e93daadc15411c854239f8ca1ca6ce78be279ed99d43fec2bd3b0aa37397
  base64 (0.2.0) sha256=0f25e9b21a02a0cc0cea8ef92b2041035d39350946e8789c562b2d1a3da01507
  bigdecimal (3.1.8) sha256=a89467ed5a44f8ae01824af49cbc575871fa078332e8f77ea425725c1ffe27be
  builder (3.3.0) sha256=497918d2f9dca528fdca4b88d84e4ef4387256d984b8154e9d5d3fe5a9c8835f
  closure_tree (7.4.0) sha256=e39171bbe35de3c06898c3caf2d2949bba2d379aa78fc1a03c1c63f165c1d2b5
  concurrent-ruby (1.3.4) sha256=d4aa926339b0a86b5b5054a0a8c580163e6f5dcbdfd0f4bb916b1a2570731c32
  connection_pool (2.4.1) sha256=0f40cf997091f1f04ff66da67eabd61a9fe0d4928b9a3645228532512fab62f4
  crass (1.0.6) sha256=dc516022a56e7b3b156099abc81b6d2b08ea1ed12676ac7a5657617f012bd45d
  date (3.3.4) sha256=971f2cb66b945bcbea4ddd9c7908c9400b31a71bc316833cb42fa584b59d3291
  debug (1.9.2) sha256=48e026c0852c7a10c60263e2e527968308958e266231e36d64e3efcabec7e7fc
  default_where (2.2.0) sha256=77f54769256ad5d961c44a6dd88d8d485a1c4487a549d2c178da9101f6fed0a0
  drb (2.2.1) sha256=e9d472bf785f558b96b25358bae115646da0dbfd45107ad858b0bc0d935cb340
  erubi (1.13.0) sha256=fca61b47daefd865d0fb50d168634f27ad40181867445badf6427c459c33cd62
  et-orbi (1.2.11) sha256=d26e868cc21db88280a9ec1a50aa3da5d267eb9b2037ba7b831d6c2731f5df64
  faraday (2.12.0) sha256=d106d0b1bc2548a8c0c34619a657a5e4aeae2780f951b0e095c8f803bbbf4517
  faraday-net_http (3.3.0) sha256=93e6b0f679b1e8e358bcb4e983a52328dfc47ebbe6a232e4f9e8aba9c924e565
  faraday-retry (2.2.1) sha256=4146fed14549c0580bf14591fca419a40717de0dd24f267a8ec2d9a728677608
  ffi (1.17.0-arm64-darwin) sha256=609c874e76614542c6d485b0576e42a7a38ffcdf086612f9a300c4ec3fcd0d12
  fugit (1.11.1) sha256=e89485e7be22226d8e9c6da411664d0660284b4b1c08cacb540f505907869868
  globalid (1.2.1) sha256=70bf76711871f843dbba72beb8613229a49429d1866828476f9c9d6ccc327ce9
  http-2 (1.0.1) sha256=635ff7a115e3e16be82c90a56f5ebf6efb47a1d772fe8aefe5ddfb14a123857e
  http-form_data (2.3.0) sha256=cc4eeb1361d9876821e31d7b1cf0b68f1cf874b201d27903480479d86448a5f3
  httpx (1.3.1) sha256=91a17364e52c9b02f761f3f9fd451a6e53224e9b3a53c178ac8e8414e5adafe6
  i18n (1.14.6) sha256=dc229a74f5d181f09942dd60ab5d6e667f7392c4ee826f35096db36d1fe3614c
  image_processing (1.13.0) sha256=71cffe2707573b16a4800b10619dc851add8cf9e667931ae900b7cac1d9cdd65
  io-console (0.7.2) sha256=f0dccff252f877a4f60d04a4dc6b442b185ebffb4b320ab69212a92b48a7a221
  irb (1.14.1) sha256=5975003b58d36efaf492380baa982ceedf5aed36967a4d5b40996bc5c66e80f8
  json (2.7.2) sha256=1898b5cbc81cd36c0fd4d0b7ad2682c39fb07c5ff682fc6265f678f550d4982c
  kaminari (1.2.2) sha256=c4076ff9adccc6109408333f87b5c4abbda5e39dc464bd4c66d06d9f73442a3e
  kaminari-actionview (1.2.2) sha256=1330f6fc8b59a4a4ef6a549ff8a224797289ebf7a3a503e8c1652535287cc909
  kaminari-activerecord (1.2.2) sha256=0dd3a67bab356a356f36b3b7236bcb81cef313095365befe8e98057dd2472430
  kaminari-core (1.2.2) sha256=3bd26fec7370645af40ca73b9426a448d09b8a8ba7afa9ba3c3e0d39cdbb83ff
  listen (3.9.0) sha256=db9e4424e0e5834480385197c139cb6b0ae0ef28cc13310cfd1ca78377d59c67
  logger (1.6.1) sha256=3ad9587ed3940bf7897ea64a673971415523f4f7d6b22c5e3af5219705669653
  loofah (2.22.0) sha256=10d76e070c86b12fec74b6a9515fd1940f4459198b991342d0a7897d86c372fe
  mail (2.8.1) sha256=ec3b9fadcf2b3755c78785cb17bc9a0ca9ee9857108a64b6f5cfc9c0b5bfc9ad
  marcel (1.0.4) sha256=0d5649feb64b8f19f3d3468b96c680bae9746335d02194270287868a661516a4
  mini_magick (4.13.2) sha256=71d6258e0e8a3d04a9a0a09784d5d857b403a198a51dd4f882510435eb95ddd9
  mini_mime (1.1.5) sha256=8681b7e2e4215f2a159f9400b5816d85e9d8c6c6b491e96a12797e798f8bccef
  minitest (5.25.1) sha256=3db6795a80634def1cf86fda79d2d83b59b25ce5e186fa675f73c565589d2ad8
  minitest-hooks (1.5.2) sha256=c5fdd168b5295a6670f1a470ac44360624d5ce0514f73707f577cd425b184b86
  monetize (1.13.0) sha256=0c1f8ae28aa21bbf1a6d014138d9bb0a5ce756c1a99b8b7f7d409c258b01d3b3
  money (6.19.0) sha256=ec936fa1e42f2783719241ed9fd52725d0efa628f928feea1eb5c37d5de7daf3
  money-rails (1.15.0) sha256=cace7c3af76a0685747f57b96fdb321a4d966294e0a11b51f8e28c3ac08e4903
  mutex_m (0.2.0) sha256=b6ef0c6c842ede846f2ec0ade9e266b1a9dac0bc151682b04835e8ebd54840d5
  net-http (0.4.1) sha256=a96efc5ea18bcb9715e24dda4159d10f67ff0345c8a980d04630028055b2c282
  net-imap (0.5.0) sha256=b8281598f3c1860679a88de19287673c6835bed6cf0fe1710fb96a5ffcb94aa0
  net-pop (0.1.2) sha256=848b4e982013c15b2f0382792268763b748cce91c9e91e36b0f27ed26420dff3
  net-protocol (0.2.2) sha256=aa73e0cba6a125369de9837b8d8ef82a61849360eba0521900e2c3713aa162a8
  net-smtp (0.5.0) sha256=5fc0415e6ea1cc0b3dfea7270438ec22b278ca8d524986a3ae4e5ae8d087b42a
  nio4r (2.7.3) sha256=54b94cdd4b8f9dc39aaad5f699e97afae13efb44f2b180a6e724df76105ff604
  nokogiri (1.16.7-arm64-darwin) sha256=276dcea1b988a5b22b5acc1ba901d24b8e908c40b71dccd5d54a2ae279480dad
  ostruct (0.6.0) sha256=3b1736c99f4d985de36bde1155be5e22aaf6e564b30ff9bd481e2ef7c2d9ba85
  pg (1.5.8) sha256=efd71939dd1d6d9f0b434dc61dee6ef64f1d2bfcd3c177598a8797c27e654f37
  positioning (0.3.0) sha256=02842c823e1d7cf5b45f96f58f5ebe0d2f4232a8f0fc30b08478ea2613629e87
  propshaft (1.1.0) sha256=d389361faf66aeb17e8d204828962c1e506edd14a1a17adb3fa475435c070f6b
  psych (5.1.2) sha256=337322f58fc2bf24827d2b9bd5ab595f6a72971867d151bb39980060ea40a368
  puma (6.4.3) sha256=24a4645c006811d83f2480057d1f54a96e7627b6b90e1c99b260b9dc630eb43e
  raabro (1.4.0) sha256=d4fa9ff5172391edb92b242eed8be802d1934b1464061ae5e70d80962c5da882
  racc (1.8.1) sha256=4a7f6929691dbec8b5209a0b373bc2614882b55fc5d2e447a21aaa691303d62f
  rack (3.1.8) sha256=d3fbcbca43dc2b43c9c6d7dfbac01667ae58643c42cea10013d0da970218a1b1
  rack-session (2.0.0) sha256=db04b2063e180369192a9046b4559af311990af38c6a93d4c600cee4eb6d4e81
  rack-test (2.1.0) sha256=0c61fc61904049d691922ea4bb99e28004ed3f43aa5cfd495024cc345f125dfb
  rackup (2.1.0) sha256=6ecb884a581990332e45ee17bdfdc14ccbee46c2f710ae1566019907869a6c4d
  rails (7.2.1.1) sha256=79dbdb6feebf78c1172b643a273a4b1c6c8a18e101a4bb1c838be611a3cdcae7
  rails-dom-testing (2.2.0) sha256=e515712e48df1f687a1d7c380fd7b07b8558faa26464474da64183a7426fa93b
  rails-html-sanitizer (1.6.0) sha256=86e9f19d2e6748890dcc2633c8945ca45baa08a1df9d8c215ce17b3b0afaa4de
  rails_com (1.3.0)
  rails_design (0.0.1)
  railties (7.2.1.1) sha256=16ac9ddd079b8e8c4c3386234512c301ab7a302bce3cbe0560ac44cec7d88453
  rake (13.2.1) sha256=46cb38dae65d7d74b6020a4ac9d48afed8eb8149c040eccf0523bec91907059d
  rb-fsevent (0.11.2) sha256=43900b972e7301d6570f64b850a5aa67833ee7d87b458ee92805d56b7318aefe
  rb-inotify (0.11.1) sha256=a0a700441239b0ff18eb65e3866236cd78613d6b9f78fea1f9ac47a85e47be6e
  rdoc (6.7.0) sha256=b17d5f0f57b0853d7b880d4360a32c7caf8dbb81f8503a36426df809e617f379
  reline (0.5.10) sha256=1660c969a792ebd034e6ceee8ca628f3b6698dcdb34f7a282a5edda37b958166
  ruby-vips (2.2.2) sha256=af5be8e9f2857a98424d7606ecfc2c21c5e107d0802915190dcc093f56e4dd5b
  sdoc (2.6.1) sha256=d78305be6fe9f81cb93787c24f8c2d47e418c2f1de2e7ff75c032d465fe3c5f8
  securerandom (0.3.1) sha256=98f0450c0ea46d2f9a4b6db4f391dbd83dc08049592eada155739f40e0341bde
  solid_cache (1.0.6) sha256=fe1acf73fbe4a6a53620425317949082d3b99e0cfd35416106b56220fa66c311
  solid_queue (1.0.0) sha256=502a466648e86da4303e08e38b3458a464ede34c34717d7bedd04901a5a3121d
  stringio (3.1.1) sha256=53456e14175c594e0e8eb2206a1be33f3974d4fe21c131e628908b05c8c2ae1e
  thor (1.3.2) sha256=eef0293b9e24158ccad7ab383ae83534b7ad4ed99c09f96f1a6b036550abbeda
  timeout (0.4.1) sha256=6f1f4edd4bca28cffa59501733a94215407c6960bd2107331f0280d4abdebb9a
  turbo-rails (2.0.11) sha256=fc47674736372780abd2a4dc0d84bef242f5ca156a457cd7fa6308291e397fcf
  tzinfo (2.0.6) sha256=8daf828cc77bcf7d63b0e3bdb6caa47e2272dcfaf4fbfe46f8c3a9df087a829b
  uri (0.13.1) sha256=df2d8b13e3e8c8a43432637e2ace4f9de7b42674361b4dd26302b40f7d7fcd1e
  useragent (0.16.10) sha256=1794380d9ea5c087d687bbfe14752f81839293f238c1132ef05c9344f09e65bb
  webrick (1.8.2) sha256=431746a349199546ff9dd272cae10849c865f938216e41c402a6489248f12f21
  websocket-driver (0.7.6) sha256=f69400be7bc197879726ad8e6f5869a61823147372fd8928836a53c2c741d0db
  websocket-extensions (0.1.5) sha256=1c6ba63092cda343eb53fc657110c71c754c56484aad42578495227d717a8241
  with_advisory_lock (5.1.0) sha256=0692cd82013b271c59aa5e1f603b741ab94926dbce098990fbace5dd5412fed7
  zeitwerk (2.7.0) sha256=a44c846861f2dfb571b834110a38f610dae5f15bac7ebf642a0d46b723da43a4

BUNDLED WITH
   2.5.3
